GEM
  remote: https://github.com/devnull255/datagenerator-ruby/
  specs:

PLATFORMS
  ruby

DEPENDENCIES
